PATH
  remote: .
  specs:
    active_record_bulk_insert (1.0.2)

GEM
  remote: https://rubygems.org/
  specs:
    activemodel (4.0.0)
      activesupport (= 4.0.0)
      builder (~> 3.1.0)
    activerecord (4.0.0)
      activemodel (= 4.0.0)
      activerecord-deprecated_finders (~> 1.0.2)
      activesupport (= 4.0.0)
      arel (~> 4.0.0)
    activerecord-deprecated_finders (1.0.3)
    activesupport (4.0.0)
      i18n (~> 0.6, >= 0.6.4)
      minitest (~> 4.2)
      multi_json (~> 1.3)
      thread_safe (~> 0.1)
      tzinfo (~> 0.3.37)
    arel (4.0.2)
    builder (3.1.4)
    database_cleaner (1.0.1)
    diff-lcs (1.2.5)
    i18n (0.6.9)
    minitest (4.7.5)
    multi_json (1.10.1)
    rspec (2.13.0)
      rspec-core (~> 2.13.0)
      rspec-expectations (~> 2.13.0)
      rspec-mocks (~> 2.13.0)
    rspec-core (2.13.1)
    rspec-expectations (2.13.0)
      diff-lcs (>= 1.1.3, < 2.0)
    rspec-mocks (2.13.1)
    sqlite3 (1.3.7)
    thread_safe (0.3.4)
    tzinfo (0.3.39)

PLATFORMS
  ruby

DEPENDENCIES
  active_record_bulk_insert!
  activerecord (= 4.0.0)
  database_cleaner (= 1.0.1)
  rspec (= 2.13.0)
  sqlite3 (= 1.3.7)
